GEM
  remote: https://rubygems.org/
  specs:
    actioncable (7.0.3.1)
      actionpack (= 7.0.3.1)
      activesupport (= 7.0.3.1)
      nio4r (~> 2.0)
      websocket-driver (>= 0.6.1)
    actionmailbox (7.0.3.1)
      actionpack (= 7.0.3.1)
      activejob (= 7.0.3.1)
      activerecord (= 7.0.3.1)
      activestorage (= 7.0.3.1)
      activesupport (= 7.0.3.1)
      mail (>= 2.7.1)
      net-imap
      net-pop
      net-smtp
    actionmailer (7.0.3.1)
      actionpack (= 7.0.3.1)
      actionview (= 7.0.3.1)
      activejob (= 7.0.3.1)
      activesupport (= 7.0.3.1)
      mail (~> 2.5, >= 2.5.4)
      net-imap
      net-pop
      net-smtp
      rails-dom-testing (~> 2.0)
    actionpack (7.0.3.1)
      actionview (= 7.0.3.1)
      activesupport (= 7.0.3.1)
      rack (~> 2.0, >= 2.2.0)
      rack-test (>= 0.6.3)
      rails-dom-testing (~> 2.0)
      rails-html-sanitizer (~> 1.0, >= 1.2.0)
    actiontext (7.0.3.1)
      actionpack (= 7.0.3.1)
      activerecord (= 7.0.3.1)
      activestorage (= 7.0.3.1)
      activesupport (= 7.0.3.1)
      globalid (>= 0.6.0)
      nokogiri (>= 1.8.5)
    actionview (7.0.3.1)
      activesupport (= 7.0.3.1)
      builder (~> 3.1)
      erubi (~> 1.4)
      rails-dom-testing (~> 2.0)
      rails-html-sanitizer (~> 1.1, >= 1.2.0)
    activejob (7.0.3.1)
      activesupport (= 7.0.3.1)
      globalid (>= 0.3.6)
    activemodel (7.0.3.1)
      activesupport (= 7.0.3.1)
    activerecord (7.0.3.1)
      activemodel (= 7.0.3.1)
      activesupport (= 7.0.3.1)
    activestorage (7.0.3.1)
      actionpack (= 7.0.3.1)
      activejob (= 7.0.3.1)
      activerecord (= 7.0.3.1)
      activesupport (= 7.0.3.1)
      marcel (~> 1.0)
      mini_mime (>= 1.1.0)
    activesupport (7.0.3.1)
      concurrent-ruby (~> 1.0, >= 1.0.2)
      i18n (>= 1.6, < 2)
      minitest (>= 5.1)
      tzinfo (~> 2.0)
    axiom-types (0.1.1)
      descendants_tracker (~> 0.0.4)
      ice_nine (~> 0.11.0)
      thread_safe (~> 0.3, >= 0.3.1)
    bootsnap (1.13.0)
      msgpack (~> 1.2)
    builder (3.2.4)
    coercible (1.0.0)
      descendants_tracker (~> 0.0.1)
    concurrent-ruby (1.1.10)
    crass (1.0.6)
    debug (1.6.2)
      irb (>= 1.3.6)
      reline (>= 0.3.1)
    declarative (0.0.20)
    descendants_tracker (0.0.4)
      thread_safe (~> 0.3, >= 0.3.1)
    digest (3.1.0)
    equalizer (0.0.11)
    erubi (1.11.0)
    faraday (0.17.5)
      multipart-post (>= 1.2, < 3)
    faraday_middleware (0.14.0)
      faraday (>= 0.7.4, < 1.0)
    globalid (1.0.0)
      activesupport (>= 5.0)
    i18n (1.12.0)
      concurrent-ruby (~> 1.0)
    ice_nine (0.11.2)
    io-console (0.5.11)
    irb (1.4.1)
      reline (>= 0.3.0)
    json (2.6.2)
    loofah (2.18.0)
      crass (~> 1.0.2)
      nokogiri (>= 1.5.9)
    mail (2.7.1)
      mini_mime (>= 0.1.1)
    marcel (1.0.2)
    method_source (1.0.0)
    mini_mime (1.1.2)
    minitest (5.16.3)
    msgpack (1.5.6)
    mtg_sdk (3.2.1)
      faraday_middleware (~> 0.10)
      json (~> 2.0)
      multi_json (~> 1.12)
      multi_xml (~> 0.5)
      roar (~> 1.0)
      virtus (~> 1.0)
    multi_json (1.15.0)
    multi_xml (0.6.0)
    multipart-post (2.2.3)
    net-imap (0.2.3)
      digest
      net-protocol
      strscan
    net-pop (0.1.1)
      digest
      net-protocol
      timeout
    net-protocol (0.1.3)
      timeout
    net-smtp (0.3.1)
      digest
      net-protocol
      timeout
    nio4r (2.5.8)
    nokogiri (1.13.8-x86_64-darwin)
      racc (~> 1.4)
    pg (1.4.3)
    puma (5.6.5)
      nio4r (~> 2.0)
    racc (1.6.0)
    rack (2.2.4)
    rack-test (2.0.2)
      rack (>= 1.3)
    rails (7.0.3.1)
      actioncable (= 7.0.3.1)
      actionmailbox (= 7.0.3.1)
      actionmailer (= 7.0.3.1)
      actionpack (= 7.0.3.1)
      actiontext (= 7.0.3.1)
      actionview (= 7.0.3.1)
      activejob (= 7.0.3.1)
      activemodel (= 7.0.3.1)
      activerecord (= 7.0.3.1)
      activestorage (= 7.0.3.1)
      activesupport (= 7.0.3.1)
      bundler (>= 1.15.0)
      railties (= 7.0.3.1)
    rails-dom-testing (2.0.3)
      activesupport (>= 4.2.0)
      nokogiri (>= 1.6)
    rails-html-sanitizer (1.4.3)
      loofah (~> 2.3)
    railties (7.0.3.1)
      actionpack (= 7.0.3.1)
      activesupport (= 7.0.3.1)
      method_source
      rake (>= 12.2)
      thor (~> 1.0)
      zeitwerk (~> 2.5)
    rake (13.0.6)
    reline (0.3.1)
      io-console (~> 0.5)
    representable (3.2.0)
      declarative (< 0.1.0)
      trailblazer-option (>= 0.1.1, < 0.2.0)
      uber (< 0.2.0)
    roar (1.1.1)
      representable (~> 3.0)
    strscan (3.0.4)
    thor (1.2.1)
    thread_safe (0.3.6)
    timeout (0.3.0)
    trailblazer-option (0.1.2)
    tzinfo (2.0.5)
      concurrent-ruby (~> 1.0)
    uber (0.1.0)
    virtus (1.0.5)
      axiom-types (~> 0.1)
      coercible (~> 1.0)
      descendants_tracker (~> 0.0, >= 0.0.3)
      equalizer (~> 0.0, >= 0.0.9)
    websocket-driver (0.7.5)
      websocket-extensions (>= 0.1.0)
    websocket-extensions (0.1.5)
    zeitwerk (2.6.0)

PLATFORMS
  x86_64-darwin-21

DEPENDENCIES
  bootsnap
  debug
  mtg_sdk
  pg (~> 1.1)
  puma (~> 5.0)
  rails (~> 7.0.3, >= 7.0.3.1)
  tzinfo-data

RUBY VERSION
   ruby 3.1.2p20

BUNDLED WITH
   2.3.18
